GEM
  remote: http://rubygems.org/
  specs:
    activemodel (3.0.20)
      activesupport (= 3.0.20)
      builder (~> 2.1.2)
      i18n (~> 0.5.0)
    activerecord (3.0.20)
      activemodel (= 3.0.20)
      activesupport (= 3.0.20)
      arel (~> 2.0.10)
      tzinfo (~> 0.3.23)
    activesupport (3.0.20)
    arel (2.0.10)
    bio (1.4.2)
    bio-genomic-interval (0.1.2)
    builder (2.1.2)
    diff-lcs (1.1.3)
    git (1.2.5)
    i18n (0.5.0)
    jeweler (1.8.3)
      bundler (~> 1.0)
      git (>= 1.2.5)
      rake
      rdoc
    json (1.6.5)
    json (1.6.5-java)
    mysql (2.8.1)
    rake (0.9.2.2)
    rdoc (3.12)
      json (~> 1.4)
    rspec (2.9.0)
      rspec-core (~> 2.9.0)
      rspec-expectations (~> 2.9.0)
      rspec-mocks (~> 2.9.0)
    rspec-core (2.9.0)
    rspec-expectations (2.9.0)
      diff-lcs (~> 1.1.3)
    rspec-mocks (2.9.0)
    safe_attributes (1.0.8)
      activerecord (>= 3.0.0)
      activesupport (>= 3.0.0)
    tzinfo (0.3.37)

PLATFORMS
  java
  ruby

DEPENDENCIES
  activerecord (~> 3.0.7)
  activesupport (~> 3.0.7)
  bio (>= 1.4.1)
  bio-genomic-interval (>= 0.1.2)
  bundler (~> 1.3.5)
  jeweler (~> 1.8.3)
  mysql (~> 2.8.1)
  rake (~> 0.9.2.2)
  rdoc (>= 3.9.1)
  rspec (~> 2.9.0)
  safe_attributes (>= 1.0.8)
