GEM
  remote: http://rubygems.org/
  specs:
    activemodel (4.0.4)
      activesupport (= 4.0.4)
      builder (~> 3.1.0)
    activerecord (4.0.4)
      activemodel (= 4.0.4)
      activerecord-deprecated_finders (~> 1.0.2)
      activesupport (= 4.0.4)
      arel (~> 4.0.0)
    activerecord-deprecated_finders (1.0.3)
    activesupport (4.0.4)
      i18n (~> 0.6, >= 0.6.9)
      minitest (~> 4.2)
      multi_json (~> 1.3)
      thread_safe (~> 0.1)
      tzinfo (~> 0.3.37)
    addressable (2.3.6)
    arel (4.0.2)
    atomic (1.1.16)
    atomic (1.1.16-java)
    bio (1.4.3.0001)
    bio-genomic-interval (0.1.2)
    builder (3.1.4)
    descendants_tracker (0.0.3)
    diff-lcs (1.2.5)
    faraday (0.9.0)
      multipart-post (>= 1.2, < 3)
    git (1.2.6)
    github_api (0.11.3)
      addressable (~> 2.3)
      descendants_tracker (~> 0.0.1)
      faraday (~> 0.8, < 0.10)
      hashie (>= 1.2)
      multi_json (>= 1.7.5, < 2.0)
      nokogiri (~> 1.6.0)
      oauth2
    hashie (2.0.5)
    highline (1.6.21)
    i18n (0.6.9)
    jeweler (2.0.1)
      builder
      bundler (>= 1.0)
      git (>= 1.2.5)
      github_api
      highline (>= 1.6.15)
      nokogiri (>= 1.5.10)
      rake
      rdoc
    json (1.8.1)
    json (1.8.1-java)
    jwt (0.1.11)
      multi_json (>= 1.5)
    mini_portile (0.5.3)
    minitest (4.7.5)
    multi_json (1.9.2)
    multi_xml (0.5.5)
    multipart-post (2.0.0)
    mysql (2.9.1)
    nokogiri (1.6.1)
      mini_portile (~> 0.5.0)
    nokogiri (1.6.1-java)
      mini_portile (~> 0.5.0)
    oauth2 (0.9.3)
      faraday (>= 0.8, < 0.10)
      jwt (~> 0.1.8)
      multi_json (~> 1.3)
      multi_xml (~> 0.5)
      rack (~> 1.2)
    rack (1.5.2)
    rake (10.2.1)
    rdoc (4.1.1)
      json (~> 1.4)
    rspec (2.14.1)
      rspec-core (~> 2.14.0)
      rspec-expectations (~> 2.14.0)
      rspec-mocks (~> 2.14.0)
    rspec-core (2.14.8)
    rspec-expectations (2.14.5)
      diff-lcs (>= 1.1.3, < 2.0)
    rspec-mocks (2.14.6)
    safe_attributes (1.0.10)
      activerecord (>= 3.0.0)
    thread_safe (0.3.1)
      atomic (>= 1.1.7, < 2)
    thread_safe (0.3.1-java)
      atomic (>= 1.1.7, < 2)
    tzinfo (0.3.39)

PLATFORMS
  java
  ruby

DEPENDENCIES
  activerecord (~> 4.0.2)
  activerecord-deprecated_finders (~> 1.0.3)
  activesupport (~> 4.0.2)
  bio (>= 1.4.3)
  bio-genomic-interval (>= 0.1.2)
  bundler (>= 1.3.5)
  jeweler (>= 1.8.8)
  mysql (~> 2.9.1)
  rake (>= 10.1.0)
  rdoc (>= 4.0.1)
  rspec (>= 2.14.1)
  safe_attributes (~> 1.0.10)
